GEM
  remote: https://rubygems.org/
  specs:
    colorize (0.7.5)
    sass (3.4.13)

PLATFORMS
  ruby

DEPENDENCIES
  colorize (~> 0.7.5)
  sass (~> 3.4.13)
